GEM
  remote: http://rubygems.org/
  specs:
    activemodel (3.0.5)
      activesupport (= 3.0.5)
      builder (~> 2.1.2)
      i18n (~> 0.4)
    activesupport (3.0.5)
    bson (1.2.4)
    bson_ext (1.2.4)
    builder (2.1.2)
    diff-lcs (1.1.2)
    hashie (0.4.0)
    i18n (0.5.0)
    mongo (1.2.4)
      bson (>= 1.2.4)
    mongo_ext (0.19.3)
    rspec (2.0.1)
      rspec-core (~> 2.0.1)
      rspec-expectations (~> 2.0.1)
      rspec-mocks (~> 2.0.1)
    rspec-core (2.0.1)
    rspec-expectations (2.0.1)
      diff-lcs (>= 1.1.2)
    rspec-mocks (2.0.1)
      rspec-core (~> 2.0.1)
      rspec-expectations (~> 2.0.1)

PLATFORMS
  ruby

DEPENDENCIES
  activemodel
  bson_ext
  hashie (< 1.0)
  mongo
  mongo_ext
  rspec (~> 2.0.0.beta.20)
