PATH
  remote: /Users/mislav/.coral/hashie-mislav
  specs:
    hashie (0.3.1)

GEM
  remote: http://rubygems.org/
  specs:
    activemodel (3.0.0.rc2)
      activesupport (= 3.0.0.rc2)
      builder (~> 2.1.2)
      i18n (~> 0.4.1)
    activesupport (3.0.0.rc2)
    bson (1.0.4)
    bson_ext (1.0.4)
    builder (2.1.2)
    diff-lcs (1.1.2)
    i18n (0.4.1)
    mongo (1.0.7)
      bson (>= 1.0.4)
    mongo_ext (0.19.3)
    rspec (2.0.0.beta.20)
      rspec-core (= 2.0.0.beta.20)
      rspec-expectations (= 2.0.0.beta.20)
      rspec-mocks (= 2.0.0.beta.20)
    rspec-core (2.0.0.beta.20)
    rspec-expectations (2.0.0.beta.20)
      diff-lcs (>= 1.1.2)
    rspec-mocks (2.0.0.beta.20)

PLATFORMS
  ruby

DEPENDENCIES
  activemodel
  bson_ext
  hashie!
  mongo
  mongo_ext
  rspec (~> 2.0.0.beta.20)
