GEM
  remote: http://rubygems.org/
  specs:
    activemodel (3.0.0)
      activesupport (= 3.0.0)
      builder (~> 2.1.2)
      i18n (~> 0.4.1)
    activesupport (3.0.0)
    bson (1.1)
    bson_ext (1.1)
    builder (2.1.2)
    diff-lcs (1.1.2)
    hashie (0.4.0)
    i18n (0.4.1)
    mongo (1.1)
      bson (>= 1.0.5)
    mongo_ext (0.19.3)
    rspec (2.0.0.rc)
      rspec-core (= 2.0.0.rc)
      rspec-expectations (= 2.0.0.rc)
      rspec-mocks (= 2.0.0.rc)
    rspec-core (2.0.0.rc)
    rspec-expectations (2.0.0.rc)
      diff-lcs (>= 1.1.2)
    rspec-mocks (2.0.0.rc)
      rspec-core (= 2.0.0.rc)
      rspec-expectations (= 2.0.0.rc)

PLATFORMS
  ruby

DEPENDENCIES
  activemodel
  bson_ext
  hashie
  mongo
  mongo_ext
  rspec (~> 2.0.0.beta.20)
